GIT
  remote: https://github.com/wf4ever/prototype1-dlibra-client-gem.git
  revision: b780906fd4fae811c283365031a370111c3c326f
  specs:
    dlibra_client (0.2.2)
      rdf (~> 0.3)
      rdf-rdfxml (~> 0.3)

GEM
  remote: http://rubygems.org/
  specs:
    POpen4 (0.1.4)
      Platform (>= 0.4.0)
      open4
    Platform (0.4.0)
    ZenTest (4.5.0)
    abstract (1.0.0)
    actionmailer (3.0.10)
      actionpack (= 3.0.10)
      mail (~> 2.2.19)
    actionpack (3.0.10)
      activemodel (= 3.0.10)
      activesupport (= 3.0.10)
      builder (~> 2.1.2)
      erubis (~> 2.6.6)
      i18n (~> 0.5.0)
      rack (~> 1.2.1)
      rack-mount (~> 0.6.14)
      rack-test (~> 0.5.7)
      tzinfo (~> 0.3.23)
    activemodel (3.0.10)
      activesupport (= 3.0.10)
      builder (~> 2.1.2)
      i18n (~> 0.5.0)
    activerecord (3.0.10)
      activemodel (= 3.0.10)
      activesupport (= 3.0.10)
      arel (~> 2.0.10)
      tzinfo (~> 0.3.23)
    activeresource (3.0.10)
      activemodel (= 3.0.10)
      activesupport (= 3.0.10)
    activesupport (3.0.10)
    addressable (2.2.6)
    annotate (2.4.0)
    arel (2.0.10)
    autotest (4.4.6)
      ZenTest (>= 4.4.1)
    autotest-rails (4.1.1)
      ZenTest (= 4.5)
    awesome_print (0.4.0)
    babosa (0.2.2)
    bcrypt-ruby (2.1.4)
    bluecloth (2.1.0)
    builder (2.1.2)
    cancan (1.6.5)
    capybara (0.4.1.2)
      celerity (>= 0.7.9)
      culerity (>= 0.2.4)
      mime-types (>= 1.16)
      nokogiri (>= 1.3.3)
      rack (>= 1.0.0)
      rack-test (>= 0.5.4)
      selenium-webdriver (>= 0.0.27)
      xpath (~> 0.1.3)
    celerity (0.9.0)
    childprocess (0.2.2)
      ffi (~> 1.0.6)
    cucumber (1.0.3)
      builder (>= 2.1.2)
      diff-lcs (>= 1.1.2)
      gherkin (~> 2.4.18)
      json (>= 1.4.6)
      term-ansicolor (>= 1.0.6)
    cucumber-rails (0.4.1)
      cucumber (>= 0.10.1)
      nokogiri (>= 1.4.4)
      rack-test (>= 0.5.7)
    culerity (0.2.15)
    daemons (1.0.10)
    database_cleaner (0.6.7)
    database_validation (0.0.6)
    default_value_for (1.0.5)
    delayed_job (2.1.4)
      activesupport (~> 3.0)
      daemons
    delayed_job_admin (1.0.3)
      delayed_job
      rails
    devise (1.1.9)
      bcrypt-ruby (~> 2.1.2)
      warden (~> 1.0.2)
    diff-lcs (1.1.3)
    dropbox (1.2.3)
      json (>= 1.2.0)
      mechanize (>= 1.0.0)
      multipart-post (>= 1.0)
      oauth (>= 0.3.6)
    dummy_dropbox (0.0.9)
      dropbox
    erubis (2.6.6)
      abstract (>= 1.0.0)
    eventmachine (0.12.10)
    evergreen (0.4.0)
      capybara (~> 0.4.0)
      json_pure (>= 1.0.0)
      launchy (>= 0.3.5)
      sinatra (>= 1.1)
    factory_girl (1.3.3)
    factory_girl_rails (1.0.1)
      factory_girl (~> 1.3)
      railties (>= 3.0.0)
    faker (0.9.5)
      i18n (~> 0.4)
    ffi (1.0.9)
    flutie (1.2.5)
    formtastic (1.2.4)
      actionpack (>= 2.3.7)
      activesupport (>= 2.3.7)
      i18n (~> 0.4)
    friendly_id (3.1.8)
      babosa (~> 0.2.0)
    fuubar (0.0.6)
      rspec (~> 2.0)
      rspec-instafail (~> 0.1.8)
      ruby-progressbar (~> 0.0.10)
    gem_plugin (0.2.3)
    gherkin (2.4.18)
      json (>= 1.4.6)
    haml (3.1.2)
    haml-rails (0.3.4)
      actionpack (~> 3.0)
      activesupport (~> 3.0)
      haml (~> 3.0)
      railties (~> 3.0)
    hashie (1.1.0)
    hpricot (0.8.4)
    i18n (0.5.0)
    jammit (0.6.3)
      yui-compressor (>= 0.9.3)
    jquery-rails (0.2.7)
      rails (~> 3.0)
      thor (~> 0.14.4)
    json (1.5.4)
    json_pure (1.5.4)
      spruz (~> 0.2.8)
    launchy (2.0.5)
      addressable (~> 2.2.6)
    mail (2.2.19)
      activesupport (>= 2.3.6)
      i18n (>= 0.4.0)
      mime-types (~> 1.16)
      treetop (~> 1.4.8)
    mechanize (2.0.1)
      net-http-digest_auth (>= 1.1.1, ~> 1.1)
      net-http-persistent (~> 1.8)
      nokogiri (~> 1.4)
      webrobots (>= 0.0.9, ~> 0.0)
    metaclass (0.0.1)
    mime-types (1.16)
    mocha (0.10.0)
      metaclass (~> 0.0.1)
    mongrel (1.2.0.pre2)
      daemons (~> 1.0.10)
      gem_plugin (~> 0.2.3)
    multipart-post (1.1.3)
    mysql2 (0.2.13)
    net-http-digest_auth (1.1.1)
    net-http-persistent (1.9)
    nifty-generators (0.4.6)
    nokogiri (1.5.0)
    oauth (0.4.5)
    open4 (1.1.0)
    pickle (0.4.8)
      cucumber (>= 0.8)
      rake
    polyglot (0.3.2)
    rack (1.2.3)
    rack-mount (0.6.14)
      rack (>= 1.0.0)
    rack-test (0.5.7)
      rack (>= 1.0)
    railroady (1.0.2)
    rails (3.0.10)
      actionmailer (= 3.0.10)
      actionpack (= 3.0.10)
      activerecord (= 3.0.10)
      activeresource (= 3.0.10)
      activesupport (= 3.0.10)
      bundler (~> 1.0)
      railties (= 3.0.10)
    rails3-generators (0.17.4)
      railties (>= 3.0.0)
    rails_config (0.2.1)
      activesupport (~> 3.0)
    railties (3.0.10)
      actionpack (= 3.0.10)
      activesupport (= 3.0.10)
      rake (>= 0.8.7)
      rdoc (~> 3.4)
      thor (~> 0.14.4)
    rake (0.9.2)
    rb-inotify (0.8.6)
      ffi (>= 0.5.0)
    rdf (0.3.4.1)
      addressable (>= 2.2.6)
    rdf-rdfxml (0.3.5)
      nokogiri (>= 1.4.4)
      rdf (>= 0.3.4)
    rdoc (3.9.4)
    rspec (2.5.0)
      rspec-core (~> 2.5.0)
      rspec-expectations (~> 2.5.0)
      rspec-mocks (~> 2.5.0)
    rspec-core (2.5.2)
    rspec-expectations (2.5.0)
      diff-lcs (~> 1.1.2)
    rspec-instafail (0.1.8)
    rspec-mocks (2.5.0)
    rspec-rails (2.5.0)
      actionpack (~> 3.0)
      activesupport (~> 3.0)
      railties (~> 3.0)
      rspec (~> 2.5.0)
    ruby-hmac (0.4.0)
    ruby-progressbar (0.0.10)
    ruby_parser (2.3.0)
      sexp_processor (~> 3.0)
    rubyzip (0.9.4)
    sanitize (2.0.3)
      nokogiri (< 1.6, >= 1.4.4)
    sass (3.1.7)
    selenium-webdriver (2.5.0)
      childprocess (>= 0.2.1)
      ffi (>= 1.0.7)
      json_pure
      rubyzip
    sexp_processor (3.0.6)
    simple_enum (1.3.2)
    sinatra (1.2.6)
      rack (~> 1.1)
      tilt (< 2.0, >= 1.2.2)
    single_test (0.4.1)
    spruz (0.2.13)
    sqlite3 (1.3.4)
    term-ansicolor (1.0.6)
    thin (1.2.11)
      daemons (>= 1.0.9)
      eventmachine (>= 0.12.6)
      rack (>= 1.0.0)
    thor (0.14.6)
    tilt (1.3.3)
    timecop (0.3.5)
    treetop (1.4.10)
      polyglot
      polyglot (>= 0.3.1)
    tzinfo (0.3.29)
    uuidtools (2.1.2)
    validate_url (0.2.0)
      activemodel (>= 3.0.0)
    validates_existence (0.7.0)
    version_info (1.1.4)
    warden (1.0.5)
      rack (>= 1.0)
    webrobots (0.0.11)
      nokogiri (>= 1.4.4)
    will_paginate (3.0.0)
    wirble (0.1.3)
    xpath (0.1.4)
      nokogiri (~> 1.3)
    yaml_db (0.2.1)
    yard (0.7.2)
    yui-compressor (0.9.6)
      POpen4 (>= 0.1.4)

PLATFORMS
  ruby

DEPENDENCIES
  addressable (~> 2.2.6)
  annotate
  autotest
  autotest-rails
  awesome_print
  bluecloth (~> 2.1.0)
  cancan (~> 1.6.5)
  capybara (~> 0.4.0)
  cucumber
  cucumber-rails
  database_cleaner
  database_validation (~> 0.0.6)
  default_value_for (~> 1.0.5)
  delayed_job (~> 2.1.4)
  delayed_job_admin (~> 1.0.3)
  devise (~> 1.1.9)
  dlibra_client (~> 0.2.2)!
  dropbox (~> 1.2.3)
  dummy_dropbox
  evergreen
  factory_girl_rails (~> 1.0.1)
  faker
  flutie (~> 1.1)
  formtastic (~> 1.2.4)
  friendly_id (~> 3.1.0)
  fuubar
  haml (~> 3.1.2)
  haml-rails
  hashie (~> 1.1.0)
  hpricot
  jammit (~> 0.6.0)
  jquery-rails (= 0.2.7)
  launchy
  mocha
  mongrel (>= 1.2.0.pre2)
  mysql2 (~> 0.2.13)
  nifty-generators
  pickle
  railroady
  rails (= 3.0.10)
  rails3-generators
  rails_config (= 0.2.1)
  rake (~> 0.9.2)
  rb-inotify (>= 0.5.1)
  rspec-rails (~> 2.5.0)
  ruby-hmac (~> 0.4.0)
  ruby_parser
  sanitize (~> 2.0.3)
  sass (~> 3.1.7)
  simple_enum (~> 1.3.2)
  single_test
  sqlite3 (~> 1.3.4)
  thin
  timecop
  uuidtools (~> 2.1.2)
  validate_url (~> 0.2.0)
  validates_existence (~> 0.7.0)
  version_info (~> 1.1.1)
  will_paginate (~> 3.0.0)
  wirble
  yaml_db (~> 0.2.1)
  yard
